PATH
  remote: .
  specs:
    linked_list_library (0.1.0)
      data_library (~> 0)
      data_structure_library (~> 1)
      linked_list_impl (~> 1)
      linked_list_int (~> 2)
      linked_list_iterator (~> 1)
      node (~> 4)

GEM
  remote: https://rubygems.org/
  specs:
    data_error (2.0.0)
      data_error_impl (~> 2.0.0)
    data_error_impl (2.0.1)
      data_error_int (~> 2.0.0)
    data_error_int (2.0.0)
    data_impl (0.1.0)
      data_int (~> 0.1.0)
    data_int (0.1.0)
    data_library (0.1.0)
      data_error (~> 2.0.0)
      data_impl (~> 0.1.0)
      data_int (~> 0.1.0)
    data_structure_error (1.2.1)
    data_structure_error_impl (2.0.0)
      data_structure_error_int (~> 2.0.0)
    data_structure_error_int (2.0.0)
    data_structure_error_library (1.0.0)
      data_structure_error_impl (~> 2.0.0)
    data_structure_impl (0.1.0)
      data_structure_int (~> 0.1.0)
    data_structure_int (0.1.0)
    data_structure_library (1.0.0)
      data_structure_error_library (~> 1.0.0)
      data_structure_impl (~> 0.1.0)
      data_structure_int (~> 0.1.0)
    docile (1.3.2)
    json (2.3.0)
    linked_list_impl (1.0.0)
    linked_list_int (2.0.0)
    linked_list_iterator (1.1.0)
      linked_list_iterator_impl (~> 2)
      linked_list_iterator_int (~> 2)
      node (~> 4)
    linked_list_iterator_impl (2.1.0)
    linked_list_iterator_int (2.1.0)
    minitest (5.14.0)
    node (4.2.0)
      node_impl (~> 3)
    node_adapter (0.1.1)
      node_adapter_impl (~> 0)
    node_adapter_impl (0.1.4)
    node_error (3.0.0)
      node_error_impl (~> 1.0.0)
      node_error_int (~> 1.0.0)
    node_error_impl (1.0.0)
      node_error_int (~> 1.0.0)
    node_error_int (1.0.0)
      data_structure_error (~> 1.2.0)
    node_impl (3.3.0)
      data_library (~> 0)
      node_adapter (~> 0)
      node_error (~> 3)
      node_int (~> 2)
    node_int (2.3.0)
    rake (13.0.1)
    simplecov (0.17.1)
      docile (~> 1.1)
      json (>= 1.8, < 3)
      simplecov-html (~> 0.10.0)
    simplecov-html (0.10.2)

PLATFORMS
  ruby

DEPENDENCIES
  bundler (~> 2.1)
  linked_list_library!
  minitest (~> 5.0)
  rake (~> 13.0)
  simplecov (~> 0)

BUNDLED WITH
   2.1.2
